GEM
  remote: https://rubygems.org/
  specs:
    aws-sdk-core (2.9.3)
      aws-sigv4 (~> 1.0)
      jmespath (~> 1.0)
    aws-sigv4 (1.0.0)
    bcrypt (3.1.11-x64-mingw32)
    bcrypt-ruby (3.1.5-x64-mingw32)
      bcrypt (>= 3.1.3)
    byebug (9.0.6)
    daemons (1.2.4)
    eventmachine (1.2.3-x64-mingw32)
    git-version-bump (0.15.1)
    jmespath (1.3.1)
    oj (2.18.5)
    rack (1.6.5)
    rack-contrib (1.4.0)
      git-version-bump (~> 0.15)
      rack (~> 1.4)
    rack-protection (1.5.3)
      rack
    require_all (1.4.0)
    sinatra (1.4.8)
      rack (~> 1.5)
      rack-protection (~> 1.4)
      tilt (>= 1.3, < 3)
    thin (1.7.0)
      daemons (~> 1.0, >= 1.0.9)
      eventmachine (~> 1.0, >= 1.0.4)
      rack (>= 1, < 3)
    tilt (2.0.7)

PLATFORMS
  x64-mingw32

DEPENDENCIES
  aws-sdk-core
  bcrypt-ruby (= 3.1.5)
  byebug
  oj
  rack-contrib
  require_all
  sinatra
  thin

BUNDLED WITH
   1.13.6
